GEM
  remote: https://rubygems.org/
  specs:
    blankslate (2.1.2.4)
    colorize (0.7.2)
    csscss (1.3.2)
      colorize
      parslet (~> 1.5)
    parslet (1.5.0)
      blankslate (~> 2.0)
    sass (3.3.4)

PLATFORMS
  ruby

DEPENDENCIES
  csscss
  sass
